GEM
  remote: https://rubygems.org/
  specs:
    ffi (1.9.18)
    mini_magick (4.8.0)
    ruby-vips (2.0.7)
      ffi (~> 1.9)

PLATFORMS
  ruby

DEPENDENCIES
  mini_magick
  ruby-vips

BUNDLED WITH
   1.14.6
